GEM
  remote: https://rubygems.org/
  specs:
    bson (1.8.2)
    bson_ext (1.8.0)
      bson (~> 1.8.0)
    httparty (0.10.2)
      multi_json (~> 1.0)
      multi_xml (>= 0.5.2)
    mongo (1.8.2)
      bson (~> 1.8.2)
    multi_json (1.6.1)
    multi_xml (0.5.3)

PLATFORMS
  ruby

DEPENDENCIES
  bson_ext (~> 1.8.0)
  httparty (~> 0.10.2)
  mongo (~> 1.8.2)
