GEM
  remote: https://rubygems.org/
  specs:
    bson (1.8.6)
    bson_ext (1.8.6)
      bson (~> 1.8.6)
    mongo (1.8.6)
      bson (~> 1.8.6)

PLATFORMS
  ruby

DEPENDENCIES
  bson_ext (~> 1.8.0)
  mongo (~> 1.8.0)
